ObjectType = Image
NDims = 3
BinaryData = True
BinaryDataByteOrderMSB = False
CompressedData = False
TransformMatrix = 1  0  0  0  1  0  0  0  1
CenterOfRotation = 0  0  0
AnatomicalOrientation = RAI
Offset = 0  0  0
ElementSpacing = 0.011186     0.003872      0.11916
DimSize = 512  496   49
ElementNumberOfChannels = 1
ElementType = MET_UCHAR
ElementDataFile = TRAIN027_mask.raw
